GEM
  remote: https://rubygems.org/
  specs:
    ast (2.4.2)
    benchmark-ips (2.9.1)
    codecov (0.6.0)
      simplecov (>= 0.15, < 0.22)
    docile (1.4.0)
    json (2.7.4)
    language_server-protocol (3.17.0.3)
    minitest (5.14.4)
    parallel (1.26.3)
    parser (3.3.5.0)
      ast (~> 2.4.1)
      racc
    racc (1.8.1)
    rainbow (3.1.1)
    rake (13.0.6)
    regexp_parser (2.9.2)
    rubocop (1.67.0)
      json (~> 2.3)
      language_server-protocol (>= 3.17.0)
      parallel (~> 1.10)
      parser (>= 3.3.0.2)
      rainbow (>= 2.2.2, < 4.0)
      regexp_parser (>= 2.4, < 3.0)
      rubocop-ast (>= 1.32.2, < 2.0)
      ruby-progressbar (~> 1.7)
      unicode-display_width (>= 2.4.0, < 3.0)
    rubocop-ast (1.32.3)
      parser (>= 3.3.1.0)
    ruby-progressbar (1.13.0)
    simplecov (0.21.2)
      docile (~> 1.1)
      simplecov-html (~> 0.11)
      simplecov_json_formatter (~> 0.1)
    simplecov-html (0.12.3)
    simplecov_json_formatter (0.1.3)
    unicode-display_width (2.6.0)

PLATFORMS
  ruby

DEPENDENCIES
  benchmark-ips
  codecov
  minitest
  rake
  rubocop (>= 1.66.0)

BUNDLED WITH
   2.1.4
